GIT
  remote: git://github.com/abarrak/rtesseract.git
  revision: f96c9a662250242c4a7e9cd76ae2625d1e731990
  branch: add-pdf-support
  specs:
    rtesseract (2.0.1)
      nokogiri

GEM
  remote: https://rubygems.org/
  specs:
    addressable (2.4.0)
    arabic-letter-connector (0.1.1)
    aws-sdk (2.5.3)
      aws-sdk-resources (= 2.5.3)
    aws-sdk-core (2.5.3)
      jmespath (~> 1.0)
    aws-sdk-resources (2.5.3)
      aws-sdk-core (= 2.5.3)
    backports (3.6.8)
    daemons (1.2.4)
    dotenv (2.1.1)
    encrypted_cookie (0.0.4)
    erubis (2.7.0)
    eventmachine (1.2.0.1)
    fastimage (2.0.0)
      addressable (~> 2)
    i18n (0.7.0)
    jmespath (1.3.1)
    json (2.0.2)
    mail (2.6.4)
      mime-types (>= 1.16, < 4)
    mime-types (3.1)
      mime-types-data (~> 3.2015)
    mime-types-data (3.2016.0521)
    mini_magick (4.5.1)
    mini_portile2 (2.1.0)
    minitest (5.9.0)
    multi_json (1.12.1)
    nokogiri (1.6.8)
      mini_portile2 (~> 2.1.0)
      pkg-config (~> 1.1.7)
    pdf-core (0.6.1)
    pkg-config (1.1.7)
    prawn (2.1.0)
      pdf-core (~> 0.6.1)
      ttfunk (~> 1.4.0)
    puma (3.6.0)
    rack (1.6.4)
    rack-flash3 (1.0.5)
      rack
    rack-protection (1.5.3)
      rack
    rack-test (0.6.3)
      rack (>= 1.0)
    rake (11.2.2)
    recaptcha (3.3.0)
      json
    rufus-scheduler (3.2.1)
    sinatra (1.4.7)
      rack (~> 1.5)
      rack-protection (~> 1.4)
      tilt (>= 1.3, < 3)
    sinatra-contrib (1.4.7)
      backports (>= 2.0)
      multi_json
      rack-protection
      rack-test
      sinatra (~> 1.4.0)
      tilt (>= 1.3, < 3)
    thin (1.7.0)
      daemons (~> 1.0, >= 1.0.9)
      eventmachine (~> 1.0, >= 1.0.4)
      rack (>= 1, < 3)
    tilt (2.0.5)
    ttfunk (1.4.0)

PLATFORMS
  ruby

DEPENDENCIES
  arabic-letter-connector
  aws-sdk (~> 2)
  dotenv
  encrypted_cookie
  erubis
  fastimage
  i18n
  mail
  mini_magick
  minitest
  prawn
  puma
  rack-flash3
  rack-test
  rake
  recaptcha
  rtesseract!
  rufus-scheduler
  sinatra
  sinatra-contrib
  thin

BUNDLED WITH
   1.12.5
